GEM
  remote: https://cernerrepos.net/api/gems/rubygems/
  specs:
    actioncable (5.2.4.1)
      actionpack (= 5.2.4.1)
      nio4r (~> 2.0)
      websocket-driver (>= 0.6.1)
    actionmailer (5.2.4.1)
      actionpack (= 5.2.4.1)
      actionview (= 5.2.4.1)
      activejob (= 5.2.4.1)
      mail (~> 2.5, >= 2.5.4)
      rails-dom-testing (~> 2.0)
    actionpack (5.2.4.1)
      actionview (= 5.2.4.1)
      activesupport (= 5.2.4.1)
      rack (~> 2.0, >= 2.0.8)
      rack-test (>= 0.6.3)
      rails-dom-testing (~> 2.0)
      rails-html-sanitizer (~> 1.0, >= 1.0.2)
    actionview (5.2.4.1)
      activesupport (= 5.2.4.1)
      builder (~> 3.1)
      erubi (~> 1.4)
      rails-dom-testing (~> 2.0)
      rails-html-sanitizer (~> 1.0, >= 1.0.3)
    activejob (5.2.4.1)
      activesupport (= 5.2.4.1)
      globalid (>= 0.3.6)
    activemodel (5.2.4.1)
      activesupport (= 5.2.4.1)
    activerecord (5.2.4.1)
      activemodel (= 5.2.4.1)
      activesupport (= 5.2.4.1)
      arel (>= 9.0)
    activestorage (5.2.4.1)
      actionpack (= 5.2.4.1)
      activerecord (= 5.2.4.1)
      marcel (~> 0.3.1)
    activesupport (5.2.4.1)
      concurrent-ruby (~> 1.0, >= 1.0.2)
      i18n (>= 0.7, < 2)
      minitest (~> 5.1)
      tzinfo (~> 1.1)
    addressable (2.7.0)
      public_suffix (>= 2.0.2, < 5.0)
    arel (9.0.0)
    ast (2.4.0)
    atlassian-jwt (0.2.0)
      jwt (~> 2.1.0)
    basset-client (2.4.0)
      cerner-oauth1a (~> 2.0)
      cerner-timber (~> 2.1, >= 2.1.1)
    brakeman (4.7.1)
    builder (3.2.4)
    bundler-audit (0.6.1)
      bundler (>= 1.2.0, < 3)
      thor (~> 0.18)
    byebug (11.1.1)
    cerner-abacus (1.5.0)
      activesupport (>= 3.0.0)
    cerner-oauth1a (2.5.0)
    cerner-timber (2.3.0)
      activesupport (>= 4.2.0)
    client_directory_requester (5.0.0)
      hi-service_client (>= 3.5, < 5.0)
    client_solution_configuration_service_client (3.4.0)
      hi-service_client (>= 3.2, < 5.0)
    cloud_session_manager (2.16.0)
      addressable (~> 2.6)
      cerner-timber (~> 2.1, >= 2.1.1)
      concurrent-ruby (~> 1.0, >= 1.0.2)
      request_store (~> 1.4)
    cloud_session_service_mock (1.15.0)
      haml-rails (> 0.5)
      rails (>= 5.0, < 7.0)
    cloud_session_service_proxy (1.0.1)
    coderay (1.1.2)
    concurrent-ruby (1.1.5)
    connection_pool (2.2.2)
    crass (1.0.6)
    debase (0.2.4.1)
      debase-ruby_core_source (>= 0.10.2)
    debase-ruby_core_source (0.10.9)
    diff-lcs (1.3)
    docile (1.3.2)
    dotenv (2.7.5)
    dotenv-rails (2.7.5)
      dotenv (= 2.7.5)
      railties (>= 3.2, < 6.1)
    erubi (1.9.0)
    erubis (2.7.0)
    factory_bot (5.1.1)
      activesupport (>= 4.2.0)
    factory_bot_rails (5.1.1)
      factory_bot (~> 5.1.0)
      railties (>= 4.2.0)
    faker (2.2.1)
      i18n (>= 0.8)
    faraday (0.17.3)
      multipart-post (>= 1.2, < 3)
    faraday_middleware (0.14.0)
      faraday (>= 0.7.4, < 1.0)
    ffi (1.12.2)
    foreman (0.87.0)
    globalid (0.4.2)
      activesupport (>= 4.2.0)
    haml (5.1.2)
      temple (>= 0.8.0)
      tilt
    haml-rails (2.0.1)
      actionpack (>= 5.1)
      activesupport (>= 5.1)
      haml (>= 4.0.6, < 6.0)
      html2haml (>= 1.0.1)
      railties (>= 5.1)
    hashie (3.6.0)
    hi-app_sdk (3.9.0)
      basset-client (~> 2.3)
      cloud_session_manager (~> 2.12)
      haml (~> 5.1)
      haml-rails (~> 2.0)
      hi-authentication (~> 5.2)
      hi-cache_store_config (~> 1.0)
      hi-checkup (~> 2.5)
      hi-faraday (~> 1.3)
      hi-features (~> 3.0)
      newrelic_rpm (>= 6.5)
      rails (~> 5.2.3)
      sprockets (~> 3.0)
      streetcar-logging (~> 0.18)
      streetcar-performance (~> 0.6)
      webpacker (= 3.5.5)
    hi-app_sdk-dev (5.2.0)
      cloud_session_service_mock (~> 1.12)
      cloud_session_service_proxy (~> 1.0)
      debase (~> 0.2.3)
      dotenv-rails (~> 2.7)
      factory_bot_rails (~> 5.0)
      faker (~> 2.0)
      foreman (~> 0.85)
      hi-app_sdk (~> 3.9)
      hi-faux_translation (~> 1.4)
      hi-mock (~> 1.1)
      hi-roll_out-rfd29 (~> 1.2)
      listen (~> 3.1)
      pry (~> 0.12)
      pry-byebug (~> 3.7)
      pry-rails (~> 0.3)
      puma (~> 4.0)
      rails (>= 5.2)
      roll_out (~> 1.19)
      roll_out-i18n (~> 1.0)
      roll_out-jira (~> 1.5)
      roll_out-security (~> 3.0)
      rspec-rails (~> 3.8)
      ruby-debug-ide (~> 0.7.0)
      simplecov (~> 0.14)
    hi-authentication (5.5.1)
      client_directory_requester (~> 5.0)
      client_solution_configuration_service_client (~> 3.0)
      cloud_session_manager (>= 2.12)
      hi-correlation_id (~> 0.1)
      personnel_services_client (>= 5.6.0)
      tenant_client (~> 1.0)
    hi-cache_store_config (1.1.1)
      connection_pool (~> 2.2)
      rails (>= 5.2)
      redis (~> 4.1)
    hi-checkup (2.6.0)
      rails (>= 5.1, < 6.1)
    hi-correlation_id (0.1.0)
      actionpack (>= 4.0)
      cerner-timber (~> 2.1)
    hi-date_time (2.0.0)
      iso8601 (~> 0.10.1)
    hi-faraday (1.4.0)
      cerner-oauth1a (~> 2.0)
      faraday (~> 0.17)
      faraday_middleware (~> 0.13)
    hi-faux_translation (1.5.0)
      i18n (~> 0.7)
      rails (>= 5.1, < 7.0)
      rake
    hi-features (3.1.1)
      client_solution_configuration_service_client (~> 3.4)
      hi-authentication (~> 5.0)
      rails (>= 5.1.4, < 7.0)
    hi-mock (1.1.0)
      user_access
    hi-roll_out-rfd29 (1.3.0)
      roll_out (~> 1.18)
      rubocop (~> 0.77)
      rubocop-performance (~> 1.5)
      rubocop-rails (~> 2.3)
    hi-service_client (4.10.0)
      activemodel (>= 5.0)
      addressable (~> 2.3)
      cerner-abacus (~> 1.5)
      cerner-oauth1a (~> 2.0)
      faraday (~> 0.15)
      faraday_middleware (~> 0.12)
      hydrate (~> 3.1)
      request_store (~> 1.4)
    highline (2.0.3)
    html2haml (2.2.0)
      erubis (~> 2.7.0)
      haml (>= 4.0, < 6)
      nokogiri (>= 1.6.0)
      ruby_parser (~> 3.5)
    http_services (1.18.0)
      cerner-abacus (~> 1.3)
      cerner-timber (~> 2.1, >= 2.1.1)
      oauth (~> 0.5.2)
    hydrate (3.1.0)
      hi-date_time (~> 2.0)
    i18n (0.9.5)
      concurrent-ruby (~> 1.0)
    i18n-tasks (0.9.30)
      activesupport (>= 4.0.2)
      ast (>= 2.1.0)
      erubi
      highline (>= 2.0.0)
      i18n
      parser (>= 2.2.3.0)
      rails-i18n
      rainbow (>= 2.2.2, < 4.0)
      terminal-table (>= 1.5.1)
    iso8601 (0.10.1)
    jaro_winkler (1.5.4)
    jira-ruby (1.7.1)
      activesupport
      atlassian-jwt
      multipart-post
      oauth (~> 0.5, >= 0.5.0)
    jwt (2.1.0)
    listen (3.2.1)
      rb-fsevent (~> 0.10, >= 0.10.3)
      rb-inotify (~> 0.9, >= 0.9.10)
    loofah (2.4.0)
      crass (~> 1.0.2)
      nokogiri (>= 1.5.9)
    mail (2.7.1)
      mini_mime (>= 0.1.1)
    marcel (0.3.3)
      mimemagic (~> 0.3.2)
    method_source (0.9.2)
    mime-types (3.3.1)
      mime-types-data (~> 3.2015)
    mime-types-data (3.2019.1009)
    mimemagic (0.3.4)
    mini_mime (1.0.2)
    mini_portile2 (2.4.0)
    minitest (5.14.0)
    multipart-post (2.1.1)
    newrelic_rpm (6.8.0.360)
    nio4r (2.5.2)
    nokogiri (1.10.7)
      mini_portile2 (~> 2.4.0)
    oauth (0.5.4)
    parallel (1.19.1)
    parser (2.7.0.2)
      ast (~> 2.4.0)
    personnel_services_client (5.10.0)
      addressable (~> 2.4)
      cerner-abacus (~> 1.4)
      http_services (~> 1.12)
      hydrate (~> 3.0)
    pry (0.12.2)
      coderay (~> 1.1.0)
      method_source (~> 0.9.0)
    pry-byebug (3.8.0)
      byebug (~> 11.0)
      pry (~> 0.10)
    pry-rails (0.3.9)
      pry (>= 0.10.4)
    public_suffix (4.0.3)
    puma (4.3.1)
      nio4r (~> 2.0)
    rack (2.1.2)
    rack-proxy (0.6.5)
      rack
    rack-test (1.1.0)
      rack (>= 1.0, < 3)
    rails (5.2.4.1)
      actioncable (= 5.2.4.1)
      actionmailer (= 5.2.4.1)
      actionpack (= 5.2.4.1)
      actionview (= 5.2.4.1)
      activejob (= 5.2.4.1)
      activemodel (= 5.2.4.1)
      activerecord (= 5.2.4.1)
      activestorage (= 5.2.4.1)
      activesupport (= 5.2.4.1)
      bundler (>= 1.3.0)
      railties (= 5.2.4.1)
      sprockets-rails (>= 2.0.0)
    rails-dom-testing (2.0.3)
      activesupport (>= 4.2.0)
      nokogiri (>= 1.6)
    rails-html-sanitizer (1.3.0)
      loofah (~> 2.3)
    rails-i18n (5.1.3)
      i18n (>= 0.7, < 2)
      railties (>= 5.0, < 6)
    railties (5.2.4.1)
      actionpack (= 5.2.4.1)
      activesupport (= 5.2.4.1)
      method_source
      rake (>= 0.8.7)
      thor (>= 0.19.0, < 2.0)
    rainbow (3.0.0)
    rake (13.0.1)
    rb-fsevent (0.10.3)
    rb-inotify (0.10.1)
      ffi (~> 1.0)
    redcarpet (3.5.0)
    redis (4.1.3)
    request_store (1.5.0)
      rack (>= 1.4)
    roll_out (1.20.0)
      cerner-timber (~> 2.1)
      faraday (~> 0.17)
      haml (>= 3.1, < 6.0.0)
      mime-types (>= 2.4.3, < 4.0.0)
      rake
      redcarpet (~> 3.2)
    roll_out-i18n (1.0.0)
      i18n-tasks (~> 0.8)
      roll_out (~> 1.6)
    roll_out-jira (1.7.0)
      cerner-timber (~> 2.3)
      jira-ruby (~> 1.7)
      roll_out (> 1.5)
    roll_out-security (3.3.0)
      brakeman (= 4.7.1)
      bundler-audit (~> 0.6)
      cerner-timber (~> 2.2)
      roll_out (~> 1.18)
    rspec-core (3.9.1)
      rspec-support (~> 3.9.1)
    rspec-expectations (3.9.0)
      diff-lcs (>= 1.2.0, < 2.0)
      rspec-support (~> 3.9.0)
    rspec-mocks (3.9.1)
      diff-lcs (>= 1.2.0, < 2.0)
      rspec-support (~> 3.9.0)
    rspec-rails (3.9.0)
      actionpack (>= 3.0)
      activesupport (>= 3.0)
      railties (>= 3.0)
      rspec-core (~> 3.9.0)
      rspec-expectations (~> 3.9.0)
      rspec-mocks (~> 3.9.0)
      rspec-support (~> 3.9.0)
    rspec-support (3.9.2)
    rubocop (0.79.0)
      jaro_winkler (~> 1.5.1)
      parallel (~> 1.10)
      parser (>= 2.7.0.1)
      rainbow (>= 2.2.2, < 4.0)
      ruby-progressbar (~> 1.7)
      unicode-display_width (>= 1.4.0, < 1.7)
    rubocop-performance (1.5.2)
      rubocop (>= 0.71.0)
    rubocop-rails (2.4.2)
      rack (>= 1.1)
      rubocop (>= 0.72.0)
    ruby-debug-ide (0.7.0)
      rake (>= 0.8.1)
    ruby-progressbar (1.10.1)
    ruby_parser (3.14.1)
      sexp_processor (~> 4.9)
    sexp_processor (4.13.0)
    simplecov (0.18.1)
      docile (~> 1.1)
      simplecov-html (~> 0.11.0)
    simplecov-html (0.11.0)
    sprockets (3.7.2)
      concurrent-ruby (~> 1.0)
      rack (> 1, < 3)
    sprockets-rails (3.2.1)
      actionpack (>= 4.0)
      activesupport (>= 4.0)
      sprockets (>= 3.0.0)
    streetcar-configuration (0.3.0)
      hashie (~> 3.4)
      rails (~> 5.0)
    streetcar-logging (0.18.1)
      rails (~> 5.0)
      request_store (~> 1.0)
      streetcar-configuration (~> 0.2)
    streetcar-performance (0.6.1)
      rails (~> 5.0)
      streetcar-configuration (~> 0.2)
      streetcar-logging (~> 0.8)
    temple (0.8.2)
    tenant_client (1.0.0)
      hi-service_client (>= 4.2, < 5.0)
    terminal-table (1.8.0)
      unicode-display_width (~> 1.1, >= 1.1.1)
    thor (0.20.3)
    thread_safe (0.3.6)
    tilt (2.0.10)
    tzinfo (1.2.6)
      thread_safe (~> 0.1)
    unicode-display_width (1.6.1)
    user_access (1.11.0)
    webpacker (3.5.5)
      activesupport (>= 4.2)
      rack-proxy (>= 0.6.1)
      railties (>= 4.2)
    websocket-driver (0.7.1)
      websocket-extensions (>= 0.1.0)
    websocket-extensions (0.1.4)

PLATFORMS
  ruby

DEPENDENCIES
  dotenv-rails
  faraday
  hi-app_sdk (~> 3.7)
  hi-app_sdk-dev (~> 5.1)

BUNDLED WITH
   1.17.3
